GEM
  remote: https://rubygems.org/
  specs:
    activesupport (6.1.4.1)
      concurrent-ruby (~> 1.0, >= 1.0.2)
      i18n (>= 1.6, < 2)
      minitest (>= 5.1)
      tzinfo (~> 2.0)
      zeitwerk (~> 2.3)
    addressable (2.8.0)
      public_suffix (>= 2.0.2, < 5.0)
    colored (1.2)
    commander (4.4.7)
      highline (~> 2.0.0)
    concurrent-ruby (1.1.9)
    descendants_tracker (0.0.4)
      thread_safe (~> 0.3, >= 0.3.1)
    faraday (0.17.3)
      multipart-post (>= 1.2, < 3)
    faraday-http-cache (2.0.0)
      faraday (~> 0.8)
    file-tail (1.2.0)
      tins (~> 1.0)
    filesize (0.2.0)
    github_api (0.18.2)
      addressable (~> 2.4)
      descendants_tracker (~> 0.0.4)
      faraday (~> 0.8)
      hashie (~> 3.5, >= 3.5.2)
      oauth2 (~> 1.0)
    github_changelog_generator (1.15.0)
      activesupport
      faraday-http-cache
      multi_json
      octokit (~> 4.6)
      rainbow (>= 2.2.1)
      rake (>= 10.0)
      retriable (~> 3.0)
    hashie (3.6.0)
    highline (2.0.1)
    i18n (1.8.11)
      concurrent-ruby (~> 1.0)
    inifile (3.0.0)
    jwt (2.2.1)
    minitest (5.14.4)
    multi_json (1.14.1)
    multi_xml (0.6.0)
    multipart-post (2.1.1)
    oauth2 (1.4.4)
      faraday (>= 0.8, < 2.0)
      jwt (>= 1.0, < 3.0)
      multi_json (~> 1.3)
      multi_xml (~> 0.5)
      rack (>= 1.2, < 3)
    octokit (4.16.0)
      faraday (>= 0.9)
      sawyer (~> 0.8.0, >= 0.5.3)
    plist (3.5.0)
    public_suffix (4.0.6)
    rack (2.2.3.1)
    rainbow (3.0.0)
    rake (13.0.1)
    retriable (3.1.2)
    sawyer (0.8.2)
      addressable (>= 2.3.5)
      faraday (> 0.8, < 2.0)
    security (0.1.3)
    thread_safe (0.3.6)
    tins (1.20.2)
    tzinfo (2.0.4)
      concurrent-ruby (~> 1.0)
    u3d (1.1.5)
      colored (>= 1.2, < 2.0.0)
      commander (>= 4.4.0, < 5.0.0)
      file-tail (>= 1.2.0)
      filesize (>= 0.1.1)
      inifile (>= 3.0.0, < 4.0.0)
      plist (>= 3.1.0, < 4.0.0)
      security (= 0.1.3)
    zeitwerk (2.5.1)

PLATFORMS
  ruby
  x64-mingw32
  x86-mingw32

DEPENDENCIES
  github_api (>= 0.18.0)
  github_changelog_generator
  u3d (>= 1.0.3)

RUBY VERSION
   ruby 2.5.3p105

BUNDLED WITH
   1.17.1
