GEM
  remote: https://rubygems.org/
  specs:
    colored (1.2)
    commander (4.4.3)
      highline (~> 1.7.2)
    file-tail (1.2.0)
      tins (~> 1.0)
    filesize (0.1.1)
    highline (1.7.8)
    inifile (3.0.0)
    plist (3.3.0)
    security (0.1.3)
    tins (1.15.0)
    u3d (1.0.8)
      colored (>= 1.2, < 2.0.0)
      commander (>= 4.4.0, < 5.0.0)
      file-tail (>= 1.2.0)
      filesize (>= 0.1.1)
      inifile (>= 3.0.0, < 4.0.0)
      plist (>= 3.1.0, < 4.0.0)
      security (= 0.1.3)

PLATFORMS
  ruby
  x64-mingw32

DEPENDENCIES
  u3d (>= 1.0.3)

RUBY VERSION
   ruby 2.3.3p222

BUNDLED WITH
   1.15.4
