GEM
  remote: https://rubygems.org/
  specs:
    addressable (2.5.2)
      public_suffix (>= 2.0.2, < 4.0)
    colored (1.2)
    commander (4.4.3)
      highline (~> 1.7.2)
    descendants_tracker (0.0.4)
      thread_safe (~> 0.3, >= 0.3.1)
    faraday (0.12.2)
      multipart-post (>= 1.2, < 3)
    file-tail (1.2.0)
      tins (~> 1.0)
    filesize (0.1.1)
    github_api (0.18.1)
      addressable (~> 2.4)
      descendants_tracker (~> 0.0.4)
      faraday (~> 0.8)
      hashie (>= 3.4)
      oauth2 (~> 1.0)
    hashie (3.5.6)
    highline (1.7.8)
    inifile (3.0.0)
    jwt (1.5.6)
    multi_json (1.12.2)
    multi_xml (0.6.0)
    multipart-post (2.0.0)
    oauth2 (1.4.0)
      faraday (>= 0.8, < 0.13)
      jwt (~> 1.0)
      multi_json (~> 1.3)
      multi_xml (~> 0.5)
      rack (>= 1.2, < 3)
    plist (3.3.0)
    public_suffix (3.0.1)
    rack (2.0.3)
    security (0.1.3)
    thread_safe (0.3.6)
    tins (1.15.0)
    u3d (1.0.8)
      colored (>= 1.2, < 2.0.0)
      commander (>= 4.4.0, < 5.0.0)
      file-tail (>= 1.2.0)
      filesize (>= 0.1.1)
      inifile (>= 3.0.0, < 4.0.0)
      plist (>= 3.1.0, < 4.0.0)
      security (= 0.1.3)

PLATFORMS
  ruby
  x64-mingw32

DEPENDENCIES
  github_api (>= 0.18.0)
  u3d (>= 1.0.3)

RUBY VERSION
   ruby 2.3.3p222

BUNDLED WITH
   1.15.4
